GIT
  remote: git://github.com/codhab/core.git
  revision: 28f7647e245b20ea32b71b77db93d6cb6959a439
  branch: master
  specs:
    core (0.1.0)
      carrierwave
      email_validator
      file_validators
      friendly_id
      haml-rails
      one_signal
      pg
      rails (~> 5.0.2)
      validates_cpf_cnpj
      validates_timeliness

GIT
  remote: git://github.com/igormarjes/simple-captcha.git
  revision: 28f9145b525da952c8145b143023d8b281bb1171
  specs:
    simple_captcha (0.1.6)

PATH
  remote: engines
  specs:
    attendance (0.1.0)
      rails (~> 5.0.2)
    candidate (0.1.0)
      rails (~> 5.0.2)
    entity (0.1.0)
      rails (~> 5.0.2)
    person (0.1.0)
      rails (~> 5.0.2)
    portal (0.1.0)
      rails (~> 5.0.2)
    protocol (0.1.0)
      rails (~> 5.0.2)
    social (0.1.0)
      rails (~> 5.0.5)

GEM
  remote: http://rubygems.org/
  specs:
    actioncable (5.0.6)
      actionpack (= 5.0.6)
      nio4r (>= 1.2, < 3.0)
      websocket-driver (~> 0.6.1)
    actionmailer (5.0.6)
      actionpack (= 5.0.6)
      actionview (= 5.0.6)
      activejob (= 5.0.6)
      mail (~> 2.5, >= 2.5.4)
      rails-dom-testing (~> 2.0)
    actionpack (5.0.6)
      actionview (= 5.0.6)
      activesupport (= 5.0.6)
      rack (~> 2.0)
      rack-test (~> 0.6.3)
      rails-dom-testing (~> 2.0)
      rails-html-sanitizer (~> 1.0, >= 1.0.2)
    actionview (5.0.6)
      activesupport (= 5.0.6)
      builder (~> 3.1)
      erubis (~> 2.7.0)
      rails-dom-testing (~> 2.0)
      rails-html-sanitizer (~> 1.0, >= 1.0.3)
    activejob (5.0.6)
      activesupport (= 5.0.6)
      globalid (>= 0.3.6)
    activemodel (5.0.6)
      activesupport (= 5.0.6)
    activerecord (5.0.6)
      activemodel (= 5.0.6)
      activesupport (= 5.0.6)
      arel (~> 7.0)
    activesupport (5.0.6)
      concurrent-ruby (~> 1.0, >= 1.0.2)
      i18n (~> 0.7)
      minitest (~> 5.1)
      tzinfo (~> 1.1)
    arel (7.1.4)
    bindex (0.5.0)
    builder (3.2.3)
    byebug (9.1.0)
    carrierwave (1.2.2)
      activemodel (>= 4.0.0)
      activesupport (>= 4.0.0)
      mime-types (>= 1.16)
    client_side_validations (10.1.0)
      jquery-rails (~> 4.3)
      js_regex (~> 2.1)
      rails (>= 5.0.0.1, <= 5.2.0.beta2)
    client_side_validations-simple_form (6.4.0)
      client_side_validations (>= 9.3.2, < 11)
      simple_form (~> 3.5)
    concurrent-ruby (1.0.5)
    crass (1.0.3)
    email_validator (1.6.0)
      activemodel
    erubis (2.7.0)
    execjs (2.7.0)
    ffi (1.9.18)
    file_validators (2.1.0)
      activemodel (>= 3.0)
      mime-types (>= 1.0)
    friendly_id (5.2.3)
      activerecord (>= 4.0.0)
    globalid (0.4.1)
      activesupport (>= 4.2.0)
    haml (5.0.4)
      temple (>= 0.8.0)
      tilt
    haml-rails (1.0.0)
      actionpack (>= 4.0.1)
      activesupport (>= 4.0.1)
      haml (>= 4.0.6, < 6.0)
      html2haml (>= 1.0.1)
      railties (>= 4.0.1)
    has_scope (0.7.1)
      actionpack (>= 4.1, < 5.2)
      activesupport (>= 4.1, < 5.2)
    html2haml (2.2.0)
      erubis (~> 2.7.0)
      haml (>= 4.0, < 6)
      nokogiri (>= 1.6.0)
      ruby_parser (~> 3.5)
    i18n (0.9.5)
      concurrent-ruby (~> 1.0)
    jbuilder (2.7.0)
      activesupport (>= 4.2.0)
      multi_json (>= 1.2)
    jquery-rails (4.3.1)
      rails-dom-testing (>= 1, < 3)
      railties (>= 4.2.0)
      thor (>= 0.14, < 2.0)
    jquery-validation-rails (1.16.0)
    js_regex (2.1.0)
      regexp_parser (>= 0.4.7, <= 0.5.0)
    kgio (2.11.0)
    listen (3.0.8)
      rb-fsevent (~> 0.9, >= 0.9.4)
      rb-inotify (~> 0.9, >= 0.9.7)
    loofah (2.2.0)
      crass (~> 1.0.2)
      nokogiri (>= 1.5.9)
    mail (2.7.0)
      mini_mime (>= 0.1.1)
    method_source (0.9.0)
    mime-types (3.1)
      mime-types-data (~> 3.2015)
    mime-types-data (3.2016.0521)
    mina (1.2.3)
      open4 (~> 1.3.4)
      rake
    mina-unicorn (1.1.0)
      mina (~> 1.0)
    mini_mime (1.0.0)
    mini_portile2 (2.3.0)
    minitest (5.11.3)
    multi_json (1.12.2)
    newrelic_rpm (4.6.0.338)
    nio4r (2.2.0)
    nokogiri (1.8.2)
      mini_portile2 (~> 2.3.0)
    one_signal (1.2.0)
    onesignal (0.3.0)
    open4 (1.3.4)
    pg (0.21.0)
    rack (2.0.4)
    rack-test (0.6.3)
      rack (>= 1.0)
    rails (5.0.6)
      actioncable (= 5.0.6)
      actionmailer (= 5.0.6)
      actionpack (= 5.0.6)
      actionview (= 5.0.6)
      activejob (= 5.0.6)
      activemodel (= 5.0.6)
      activerecord (= 5.0.6)
      activesupport (= 5.0.6)
      bundler (>= 1.3.0)
      railties (= 5.0.6)
      sprockets-rails (>= 2.0.0)
    rails-dom-testing (2.0.3)
      activesupport (>= 4.2.0)
      nokogiri (>= 1.6)
    rails-html-sanitizer (1.0.3)
      loofah (~> 2.0)
    railties (5.0.6)
      actionpack (= 5.0.6)
      activesupport (= 5.0.6)
      method_source
      rake (>= 0.8.7)
      thor (>= 0.18.1, < 2.0)
    raindrops (0.19.0)
    rake (12.3.0)
    rb-fsevent (0.10.2)
    rb-inotify (0.9.10)
      ffi (>= 0.5.0, < 2)
    regexp_parser (0.4.7)
    ruby_parser (3.11.0)
      sexp_processor (~> 4.9)
    sexp_processor (4.10.1)
    simple_form (3.5.0)
      actionpack (> 4, < 5.2)
      activemodel (> 4, < 5.2)
    sprockets (3.7.1)
      concurrent-ruby (~> 1.0)
      rack (> 1, < 3)
    sprockets-rails (3.2.1)
      actionpack (>= 4.0)
      activesupport (>= 4.0)
      sprockets (>= 3.0.0)
    temple (0.8.0)
    thor (0.20.0)
    thread_safe (0.3.6)
    tilt (2.0.8)
    timeliness (0.3.8)
    turbolinks (5.0.1)
      turbolinks-source (~> 5)
    turbolinks-source (5.0.3)
    tzinfo (1.2.5)
      thread_safe (~> 0.1)
    uglifier (3.2.0)
      execjs (>= 0.3.0, < 3)
    unicorn (5.3.1)
      kgio (~> 2.6)
      raindrops (~> 0.7)
    validates_cpf_cnpj (0.2.0)
      activemodel (>= 3.0.0)
    validates_timeliness (4.0.2)
      timeliness (~> 0.3.7)
    web-console (3.5.1)
      actionview (>= 5.0)
      activemodel (>= 5.0)
      bindex (>= 0.4.0)
      railties (>= 5.0)
    websocket-driver (0.6.5)
      websocket-extensions (>= 0.1.0)
    websocket-extensions (0.1.3)

PLATFORMS
  ruby

DEPENDENCIES
  attendance!
  byebug
  candidate!
  carrierwave
  client_side_validations
  client_side_validations-simple_form
  core!
  email_validator
  entity!
  file_validators
  haml-rails
  has_scope
  jbuilder (~> 2.5)
  jquery-rails
  jquery-validation-rails
  listen (~> 3.0.5)
  mina
  mina-unicorn
  newrelic_rpm
  onesignal
  person!
  pg (~> 0.20)
  portal!
  protocol!
  rails (~> 5.0.2)
  simple_captcha!
  simple_form
  social!
  turbolinks (~> 5)
  uglifier (>= 1.3.0)
  unicorn
  validates_cpf_cnpj
  web-console (>= 3.3.0)

BUNDLED WITH
   1.16.0
